GEM
  remote: http://rubygems.org/
  specs:
    builder (3.1.4)
    daemons (1.1.9)
    eventmachine (1.0.0)
    json (1.7.6)
    nokogiri (1.5.6)
    nokogiri (1.5.6-x86-mingw32)
    rack (1.5.2)
    rack-protection (1.3.2)
      rack
    sinatra (1.3.4)
      rack (~> 1.4)
      rack-protection (~> 1.3)
      tilt (~> 1.3, >= 1.3.3)
    thin (1.5.0)
      daemons (>= 1.0.9)
      eventmachine (>= 0.12.6)
      rack (>= 1.0.0)
    tilt (1.3.3)

PLATFORMS
  ruby
  x86-mingw32

DEPENDENCIES
  builder
  json
  nokogiri
  sinatra
  thin
