GEM
  remote: http://rubygems.org/
  specs:
    builder (3.0.0)
    nokogiri (1.5.0-x86-mingw32)
    rack (1.3.2)
    sinatra (1.2.6)
      rack (~> 1.1)
      tilt (>= 1.2.2, < 2.0)
    tilt (1.3.3)

PLATFORMS
  x86-mingw32

DEPENDENCIES
  builder
  nokogiri
  sinatra
