GEM
  remote: http://rubygems.org/
  specs:
    builder (3.1.4)
    nokogiri (1.5.6)
    nokogiri (1.5.6-x86-mingw32)
    rack (1.5.2)
    rack-protection (1.3.2)
      rack
    sinatra (1.3.4)
      rack (~> 1.4)
      rack-protection (~> 1.3)
      tilt (~> 1.3, >= 1.3.3)
    tilt (1.3.3)

PLATFORMS
  ruby
  x86-mingw32

DEPENDENCIES
  builder
  nokogiri
  sinatra
